GEM
  remote: https://rubygems.org/
  specs:
    faraday (0.12.0.1)
      multipart-post (>= 1.2, < 3)
    hashie (3.5.5)
    inflection (1.0.0)
    mime-types (3.1)
      mime-types-data (~> 3.2015)
    mime-types-data (3.2016.0521)
    multipart-post (2.0.0)
    zendesk_api (1.14.4)
      faraday (~> 0.9)
      hashie (>= 3.5.2, < 4.0.0)
      inflection
      mime-types
      multipart-post (~> 2.0)

PLATFORMS
  ruby

DEPENDENCIES
  zendesk_api

BUNDLED WITH
   1.13.6
